GEM
  remote: https://rubygems.org/
  specs:
    cmdparse (3.0.3)
    hexapdf (0.7.0)
      cmdparse (~> 3.0, >= 3.0.3)
    mustermann (1.0.2)
    rack (2.1.1)
    rack-protection (2.0.3)
      rack
    sinatra (2.0.3)
      mustermann (~> 1.0)
      rack (~> 2.0)
      rack-protection (= 2.0.3)
      tilt (~> 2.0)
    tilt (2.0.8)

PLATFORMS
  ruby

DEPENDENCIES
  hexapdf (>= 0.7.0)
  sinatra

BUNDLED WITH
   1.16.3
